GEM
  remote: https://rubygems.org/
  specs:
    activesupport (4.2.1)
      i18n (~> 0.7)
      json (~> 1.7, >= 1.7.7)
      minitest (~> 5.1)
      thread_safe (~> 0.3, >= 0.3.4)
      tzinfo (~> 1.1)
    atabodi (0.0.2)
      jsonism
    dotenv (2.0.1)
    faraday (0.9.1)
      multipart-post (>= 1.2, < 3)
    faraday_middleware (0.9.1)
      faraday (>= 0.7.4, < 0.10)
    i18n (0.7.0)
    json (1.8.2)
    json_schema (0.6.0)
    jsonism (0.0.4)
      activesupport
      faraday
      faraday_middleware
      json_schema
    mem (0.1.5)
    minitest (5.7.0)
    multipart-post (2.0.0)
    pusher-client (0.6.2)
      json
      websocket (~> 1.0)
    ruboty (1.2.2)
      activesupport
      bundler
      dotenv
      mem
      slop
    ruboty-icon_roulette (0.0.1)
      atabodi
    ruboty-idobata (0.0.5)
      pusher-client
      ruboty
    slop (4.1.0)
    thread_safe (0.3.5)
    tzinfo (1.2.2)
      thread_safe (~> 0.1)
    websocket (1.2.2)

PLATFORMS
  ruby

DEPENDENCIES
  atabodi
  ruboty
  ruboty-icon_roulette
  ruboty-idobata
